GEM
  specs:
    childprocess (5.1.0)
      logger (~> 1.5)
    event_stream_parser (1.0.0)
    faraday (2.13.0)
      faraday-net_http (>= 2.0, < 3.5)
      json
      logger
    faraday-multipart (1.1.0)
      multipart-post (~> 2.0)
    faraday-net_http (3.4.0)
      net-http (>= 0.5.0)
    json (2.7.1)
    logger (1.7.0)
    multipart-post (2.4.1)
    net-http (0.6.0)
      uri
    numo-narray (0.9.2.1)
    retriable (3.1.2)
    ruby-openai (7.1.0)
      event_stream_parser (>= 0.3.0, < 2.0.0)
      faraday (>= 1)
      faraday-multipart (>= 1)
    safe_ruby (1.0.5)
      childprocess (~> 5)
    smart_agent (0.1.4)
      smart_prompt (~> 0.2.7)
    smart_prompt (0.2.8)
      json (~> 2.7.1)
      numo-narray (~> 0.9.2.1)
      retriable (~> 3.1.2)
      ruby-openai (~> 7.1.0)
      safe_ruby (~> 1.0.4)
      yaml (~> 0.3.0)
    uri (1.0.3)
    yaml (0.3.0)

PLATFORMS
  ruby
  x86_64-linux

DEPENDENCIES
  numo-narray (~> 0.9.2.1)
  smart_agent
  smart_prompt

RUBY VERSION
   ruby 3.3.4p94

BUNDLED WITH
   2.6.7
